PATH
  remote: .
  specs:
    us_geo (1.0.3)
      activerecord (>= 5.0)

GEM
  remote: https://rubygems.org/
  specs:
    activemodel (6.1.3)
      activesupport (= 6.1.3)
    activerecord (6.1.3)
      activemodel (= 6.1.3)
      activesupport (= 6.1.3)
    activesupport (6.1.3)
      concurrent-ruby (~> 1.0, >= 1.0.2)
      i18n (>= 1.6, < 2)
      minitest (>= 5.1)
      tzinfo (~> 2.0)
      zeitwerk (~> 2.3)
    addressable (2.6.0)
      public_suffix (>= 2.0.2, < 4.0)
    appraisal (2.2.0)
      bundler
      rake
      thor (>= 0.14.0)
    concurrent-ruby (1.1.8)
    crack (0.4.3)
      safe_yaml (~> 1.0.0)
    diff-lcs (1.3)
    hashdiff (0.3.7)
    i18n (1.8.9)
      concurrent-ruby (~> 1.0)
    minitest (5.14.4)
    public_suffix (3.0.3)
    rake (10.5.0)
    rspec (3.8.0)
      rspec-core (~> 3.8.0)
      rspec-expectations (~> 3.8.0)
      rspec-mocks (~> 3.8.0)
    rspec-core (3.8.0)
      rspec-support (~> 3.8.0)
    rspec-expectations (3.8.2)
      diff-lcs (>= 1.2.0, < 2.0)
      rspec-support (~> 3.8.0)
    rspec-mocks (3.8.0)
      diff-lcs (>= 1.2.0, < 2.0)
      rspec-support (~> 3.8.0)
    rspec-support (3.8.0)
    safe_yaml (1.0.4)
    sqlite3 (1.3.13)
    thor (0.20.3)
    tzinfo (2.0.4)
      concurrent-ruby (~> 1.0)
    webmock (3.4.2)
      addressable (>= 2.3.6)
      crack (>= 0.3.2)
      hashdiff
    zeitwerk (2.4.2)

PLATFORMS
  ruby

DEPENDENCIES
  appraisal
  bundler (~> 1.16)
  rake (~> 10.0)
  rspec (~> 3.8)
  sqlite3 (>= 1.3)
  us_geo!
  webmock (~> 3.4)

BUNDLED WITH
   1.17.2
